GIT
  remote: https://github.com/ruby-numo/narray.git
  revision: 6f5c91250c0cb948f6b811385d384c3f15af4dcd
  specs:
    numo-narray (0.9.2.0)

GEM
  remote: https://rubygems.org/
  specs:
    cairo (1.17.5)
      native-package-installer (>= 1.0.3)
      pkg-config (>= 1.2.2)
      red-colors
    gdk_pixbuf2 (3.4.9)
      gio2 (= 3.4.9)
    gio2 (3.4.9)
      gobject-introspection (= 3.4.9)
    glib2 (3.4.9)
      native-package-installer (>= 1.0.3)
      pkg-config (>= 1.3.5)
    gobject-introspection (3.4.9)
      glib2 (= 3.4.9)
    matrix (0.4.2)
    native-package-installer (1.1.1)
    pkg-config (1.4.6)
    red-colors (0.3.0)
      matrix

PLATFORMS
  ruby

DEPENDENCIES
  cairo
  gdk_pixbuf2
  numo-narray!

BUNDLED WITH
   2.1.4
